PATH
  remote: ../active_file
  specs:
    active_file (0.0.5)

GEM
  remote: http://rubygems.org/
  specs:
    brnumeros (3.3.0)

PLATFORMS
  ruby

DEPENDENCIES
  active_file!
  brnumeros (= 3.3.0)
